PATH
  remote: .
  specs:
    geb (0.3.0)
      dry-cli (~> 1.0)
      rake (~> 13.0)

GEM
  remote: https://rubygems.org/
  specs:
    dry-cli (1.0.0)
    minitest (5.24.0)
    rake (13.2.1)

PLATFORMS
  arm64-darwin-23
  ruby

DEPENDENCIES
  dry-cli (~> 1.0)
  geb!
  minitest (~> 5.16)
  rake (~> 13.0)

BUNDLED WITH
   2.5.9
