PATH
  remote: .
  specs:
    geb (0.3.11)
      dry-cli (~> 1.0)
      listen (~> 3.9)
      rake (~> 13.0)
      webrick (~> 1.8)

GEM
  remote: https://rubygems.org/
  specs:
    addressable (2.8.7)
      public_suffix (>= 2.0.2, < 7.0)
    bigdecimal (3.1.8)
    crack (1.0.0)
      bigdecimal
      rexml
    docile (1.4.0)
    dry-cli (1.0.0)
    ffi (1.17.0)
    ffi (1.17.0-arm64-darwin)
    hashdiff (1.1.0)
    listen (3.9.0)
      rb-fsevent (~> 0.10, >= 0.10.3)
      rb-inotify (~> 0.9, >= 0.9.10)
    minitest (5.24.0)
    mocha (2.4.0)
      ruby2_keywords (>= 0.0.5)
    public_suffix (6.0.0)
    rake (13.2.1)
    rb-fsevent (0.11.2)
    rb-inotify (0.11.1)
      ffi (~> 1.0)
    rexml (3.3.0)
      strscan
    ruby2_keywords (0.0.5)
    simplecov (0.21.2)
      docile (~> 1.1)
      simplecov-html (~> 0.11)
      simplecov_json_formatter (~> 0.1)
    simplecov-html (0.12.3)
    simplecov_json_formatter (0.1.4)
    strscan (3.1.0)
    webmock (3.23.1)
      addressable (>= 2.8.0)
      crack (>= 0.3.2)
      hashdiff (>= 0.4.0, < 2.0.0)
    webrick (1.8.1)
    yard (0.9.36)

PLATFORMS
  arm64-darwin-23
  ruby

DEPENDENCIES
  geb!
  minitest (~> 5.0)
  mocha (~> 2.1)
  simplecov (~> 0.21.2)
  webmock (~> 3.0)
  yard (~> 0.9)

BUNDLED WITH
   2.5.9
